GEM
  remote: https://rubygems.org/
  specs:
    childprocess (4.0.0)
    iniparse (1.5.0)
    overcommit (0.58.0)
      childprocess (>= 0.6.3, < 5)
      iniparse (~> 1.4)
      rexml (~> 3.2)
    rexml (3.2.5)

PLATFORMS
  ruby
  x86_64-darwin-20
  x86_64-linux

DEPENDENCIES
  overcommit (>= 0.58.0)

BUNDLED WITH
   2.2.3
