GEM
  remote: https://rubygems.org/
  specs:
    childprocess (4.0.0)
    iniparse (1.5.0)
    overcommit (0.57.0)
      childprocess (>= 0.6.3, < 5)
      iniparse (~> 1.4)

PLATFORMS
  x86_64-darwin-20

DEPENDENCIES
  overcommit

BUNDLED WITH
   2.2.3
